GEM
  remote: https://rubygems.org/
  specs:
    puma (2.11.3)
      rack (>= 1.1, < 2.0)
    rack (1.6.1)

PLATFORMS
  ruby

DEPENDENCIES
  puma
