GEM
  remote: https://rubygems.org/
  specs:
    puma (3.12.0)

PLATFORMS
  ruby

DEPENDENCIES
  puma

RUBY VERSION
   ruby 2.6.4p104

BUNDLED WITH
   1.17.2
