GEM
  remote: https://rubygems.org/
  specs:
    nio4r (2.5.1)
    puma (4.1.1)
      nio4r (~> 2.0)

PLATFORMS
  ruby

DEPENDENCIES
  puma

RUBY VERSION
   ruby 2.6.3p62

BUNDLED WITH
   2.0.2
