GEM
  remote: https://rubygems.org/
  specs:
    puma (3.12.0)

PLATFORMS
  ruby

DEPENDENCIES
  puma

RUBY VERSION
   ruby 3.0.0p0

BUNDLED WITH
   2.2.9
