GEM
  remote: https://rubygems.org/
  specs:
    puma (3.12.0)

PLATFORMS
  ruby

DEPENDENCIES
  puma

RUBY VERSION
   ruby 2.5.1p57

BUNDLED WITH
   1.16.4
